PATH
  remote: .
  specs:
    odf-report (0.4.4)
      nokogiri (~> 1.5.0)
      rubyzip (~> 0.9.4)

GEM
  remote: https://rubygems.org/
  specs:
    nokogiri (1.5.5)
    rubyzip (0.9.9)

PLATFORMS
  ruby

DEPENDENCIES
  odf-report!
